PATH
  remote: ../maps
  specs:
    interscript-maps (1.90.0)

PATH
  remote: .
  specs:
    interscript (1.90.0)
      interscript-maps
      thor

GEM
  remote: https://rubygems.org/
  specs:
    diff-lcs (1.4.4)
    docile (1.3.5)
    rake (12.3.3)
    regexp_parser (2.0.3)
    rspec (3.9.0)
      rspec-core (~> 3.9.0)
      rspec-expectations (~> 3.9.0)
      rspec-mocks (~> 3.9.0)
    rspec-core (3.9.3)
      rspec-support (~> 3.9.3)
    rspec-expectations (3.9.2)
      diff-lcs (>= 1.2.0, < 2.0)
      rspec-support (~> 3.9.0)
    rspec-mocks (3.9.1)
      diff-lcs (>= 1.2.0, < 2.0)
      rspec-support (~> 3.9.0)
    rspec-support (3.9.3)
    simplecov (0.21.2)
      docile (~> 1.1)
      simplecov-html (~> 0.11)
      simplecov_json_formatter (~> 0.1)
    simplecov-html (0.12.3)
    simplecov_json_formatter (0.1.2)
    thor (1.0.1)

PLATFORMS
  ruby

DEPENDENCIES
  interscript!
  interscript-maps!
  rake (~> 12.0)
  regexp_parser
  rspec (~> 3.0)
  simplecov

BUNDLED WITH
   2.1.4
